FRAMEWORK: >= NET45
NUGET
  remote: https://www.nuget.org/api/v2
  specs:
    Akka (1.0.6)
      Newtonsoft.Json (>= 7.0.1)
    Akka.FSharp (1.0.6)
      Akka (>= 1.0.6)
      FsPickler (>= 1.2.21)
      FSPowerPack.Core.Community (>= 3.0.0)
      FSPowerPack.Linq.Community (>= 3.0.0)
    FSharp.Core (4.0.0.1)
    FsPickler (2.0.0)
    FSPowerPack.Core.Community (3.0.0)
    FSPowerPack.Linq.Community (3.0.0)
      FSPowerPack.Core.Community
    Microsoft.Owin (3.0.1)
      Owin (>= 1.0)
    Mono.Cecil (0.9.6.1)
    Newtonsoft.Json (8.0.3)
    Owin (1.0)
    Suave (1.1.1)
      FSharp.Core (>= 3.1.2.5)
    WebSharper (3.6.11.234)
    WebSharper.Owin (3.6.10.125)
      Microsoft.Owin (>= 3.0.1)
      Owin (>= 1.0.0)
      WebSharper (>= 3.6.11.234)
    WebSharper.Suave (3.6.10.37)
      Mono.Cecil (>= 0.9.6.1)
      Suave (>= 1.1.1)
      WebSharper (>= 3.6.11.234)
      WebSharper.Owin (>= 3.6.10.125)
    WebSharper.UI.Next (3.6.11.207)
      WebSharper (>= 3.6.11.234)
